GEM
  remote: http://rubygems.org/
  specs:
    facets (2.9.3)
    fattr (2.2.1)
    haml (3.1.6)
    json (1.7.3)
    lre (0.3.0)
      fattr
      mharris_ext
      rake (>= 0.8.7)
      watchr
    mharris_ext (1.5.0)
      facets
      fattr
    rack (1.4.1)
    rack-protection (1.2.0)
      rack
    rake (0.9.2.2)
    sinatra (1.3.2)
      rack (~> 1.3, >= 1.3.6)
      rack-protection (~> 1.2)
      tilt (~> 1.3, >= 1.3.3)
    tilt (1.3.3)
    watchr (0.7)

PLATFORMS
  x86-mingw32

DEPENDENCIES
  haml
  json
  lre
  mharris_ext
  sinatra
