GEM
  remote: http://rubygems.org/
  specs:
    childprocess (0.3.2)
      ffi (~> 1.0.6)
    diff-lcs (1.1.3)
    facets (2.9.3)
    fattr (2.2.1)
    ffi (1.0.7-x86-mingw32)
      rake (>= 0.8.7)
    haml (3.1.6)
    jasmine (1.2.0)
      jasmine-core (>= 1.2.0)
      rack (~> 1.0)
      rspec (>= 1.3.1)
      selenium-webdriver (>= 0.1.3)
    jasmine-core (1.2.0)
    json (1.7.3)
    json_pure (1.5.1)
    lre (0.3.0)
      fattr
      mharris_ext
      rake (>= 0.8.7)
      watchr
    mharris_ext (1.5.0)
      facets
      fattr
    rack (1.4.1)
    rack-protection (1.2.0)
      rack
    rake (0.9.2.2)
    rspec (2.8.0)
      rspec-core (~> 2.8.0)
      rspec-expectations (~> 2.8.0)
      rspec-mocks (~> 2.8.0)
    rspec-core (2.8.0)
    rspec-expectations (2.8.0)
      diff-lcs (~> 1.1.2)
    rspec-mocks (2.8.0)
    rubyzip (0.9.4)
    selenium-webdriver (0.2.0)
      childprocess (>= 0.1.7)
      ffi (>= 1.0.7)
      json_pure
      rubyzip
    sinatra (1.3.2)
      rack (~> 1.3, >= 1.3.6)
      rack-protection (~> 1.2)
      tilt (~> 1.3, >= 1.3.3)
    tilt (1.3.3)
    watchr (0.7)

PLATFORMS
  x86-mingw32

DEPENDENCIES
  haml
  jasmine
  json
  lre
  mharris_ext
  sinatra
